GIT
  remote: https://github.com/dicom/ruby-dicom.git
  revision: 2041818bfb4da6fe0091b939540c62e338f8d8cd
  specs:
    dicom (0.9.7a)

GEM
  remote: https://rubygems.org/
  specs:
    capistrano (3.4.0)
      i18n
      rake (>= 10.0.0)
      sshkit (~> 1.3)
    capistrano-bundler (1.1.4)
      capistrano (~> 3.1)
      sshkit (~> 1.2)
    capistrano-rvm (0.1.2)
      capistrano (~> 3.0)
      sshkit (~> 1.2)
    i18n (0.7.0)
    net-scp (1.2.1)
      net-ssh (>= 2.6.5)
    net-ssh (3.1.1)
    rack (1.6.4)
    rack-protection (1.5.3)
      rack
    rake (11.1.2)
    rmagick (2.15.4)
    ruby-units (2.0.0)
    sinatra (1.4.7)
      rack (~> 1.5)
      rack-protection (~> 1.4)
      tilt (>= 1.3, < 3)
    sshkit (1.9.0)
      net-scp (>= 1.1.2)
      net-ssh (>= 2.8.0)
    tilt (2.0.2)

PLATFORMS
  ruby

DEPENDENCIES
  capistrano
  capistrano-bundler
  capistrano-rvm
  dicom!
  rmagick
  ruby-units
  sinatra

BUNDLED WITH
   1.11.2
